GEM
  remote: https://rubygems.org/
  specs:
    geocoder (1.2.1)
    json (1.8.1)
    oauth (0.4.7)

PLATFORMS
  ruby

DEPENDENCIES
  geocoder
  json
  oauth
