GEM
  remote: https://rubygems.org/
  specs:
    dotenv (0.11.1)
      dotenv-deployment (~> 0.0.2)
    dotenv-deployment (0.0.2)
    dotenv-rails (0.11.1)
      dotenv (= 0.11.1)
    geocoder (1.2.1)
    json (1.8.1)
    oauth (0.4.7)

PLATFORMS
  ruby

DEPENDENCIES
  dotenv-rails
  geocoder
  json
  oauth
